GEM
  remote: https://rubygems.org/
  specs:
    addressable (2.4.0)
    breakpoint (2.7.1)
      sass (~> 3.3)
      sassy-maps (< 1.0.0)
    chunky_png (1.3.10)
    colorator (0.1)
    compass (1.0.3)
      chunky_png (~> 1.2)
      compass-core (~> 1.0.2)
      compass-import-once (~> 1.0.5)
      rb-fsevent (>= 0.9.3)
      rb-inotify (>= 0.9)
      sass (>= 3.3.13, < 3.5)
    compass-core (1.0.3)
      multi_json (~> 1.0)
      sass (>= 3.3.0, < 3.5)
    compass-import-once (1.0.5)
      sass (>= 3.2, < 3.5)
    ffi (1.9.23)
    ffi (1.9.23-x64-mingw32)
    foreman (0.84.0)
      thor (~> 0.19.1)
    jekyll (3.0.3)
      colorator (~> 0.1)
      jekyll-sass-converter (~> 1.0)
      jekyll-watch (~> 1.1)
      kramdown (~> 1.3)
      liquid (~> 3.0)
      mercenary (~> 0.3.3)
      rouge (~> 1.7)
      safe_yaml (~> 1.0)
    jekyll-sass-converter (1.5.2)
      sass (~> 3.4)
    jekyll-sitemap (0.11.0)
      addressable (~> 2.4.0)
    jekyll-watch (1.5.1)
      listen (~> 3.0)
    kramdown (1.16.2)
    liquid (3.0.6)
    listen (3.0.8)
      rb-fsevent (~> 0.9, >= 0.9.4)
      rb-inotify (~> 0.9, >= 0.9.7)
    mercenary (0.3.6)
    multi_json (1.13.1)
    rb-fsevent (0.10.3)
    rb-inotify (0.9.10)
      ffi (>= 0.5.0, < 2)
    redcarpet (3.4.0)
    rouge (1.11.1)
    safe_yaml (1.0.4)
    sass (3.4.25)
    sassy-maps (0.4.0)
      sass (~> 3.3)
    susy (2.2.14)
      sass (>= 3.3.0, < 3.5)
    thor (0.19.4)
    yajl-ruby (1.3.1)

PLATFORMS
  ruby
  x64-mingw32

DEPENDENCIES
  breakpoint
  compass
  foreman
  jekyll (= 3.0.3)
  jekyll-sitemap
  redcarpet
  rouge
  susy
  yajl-ruby (~> 1.3.1)

BUNDLED WITH
   1.14.6
